GEM
  remote: https://rubygems.org/
  specs:
    debug (1.9.1)
      irb (~> 1.10)
      reline (>= 0.3.8)
    io-console (0.7.1)
    irb (1.11.0)
      rdoc
      reline (>= 0.3.8)
    language_server-protocol (3.17.0.4)
    logger (1.7.0)
    msgpack (1.7.2)
    multi_json (1.15.0)
    neovim (0.9.1)
      msgpack (~> 1.1)
      multi_json (~> 1.0)
    prism (1.4.0)
    psych (5.1.2)
      stringio
    rbs (3.9.2)
      logger
    rdoc (6.6.2)
      psych (>= 4.0.0)
    reline (0.4.1)
      io-console (~> 0.5)
    ruby-lsp (0.23.14)
      language_server-protocol (~> 3.17.0)
      prism (>= 1.2, < 2.0)
      rbs (>= 3, < 4)
      sorbet-runtime (>= 0.5.10782)
    sorbet-runtime (0.5.12032)
    stringio (3.1.0)

PLATFORMS
  ruby
  x86_64-linux

DEPENDENCIES
  debug
  neovim
  ruby-lsp

BUNDLED WITH
   2.5.7
