GEM
  remote: https://rubygems.org/
  specs:
    msgpack (1.8.0)
    multi_json (1.15.0)
    neovim (0.10.0)
      msgpack (~> 1.1)
      multi_json (~> 1.0)

PLATFORMS
  ruby
  x86_64-linux

DEPENDENCIES
  neovim

BUNDLED WITH
   2.6.6
