GEM
  remote: https://rubygems.org/
  specs:
    msgpack (1.7.2)
    multi_json (1.15.0)
    neovim (0.9.1)
      msgpack (~> 1.1)
      multi_json (~> 1.0)

PLATFORMS
  ruby
  x86_64-linux

DEPENDENCIES
  neovim

BUNDLED WITH
   2.5.7
